GEM
  remote: http://rubygems.org/
  specs:
    byebug (11.1.1)
    diff-lcs (1.3)
    json (2.3.1)
    racc (1.5.0)
    rbhive (1.0.3.pre)
      json
      thrift (~> 0.9)
    rspec (3.9.0)
      rspec-core (~> 3.9.0)
      rspec-expectations (~> 3.9.0)
      rspec-mocks (~> 3.9.0)
    rspec-core (3.9.1)
      rspec-support (~> 3.9.1)
    rspec-expectations (3.9.1)
      diff-lcs (>= 1.2.0, < 2.0)
      rspec-support (~> 3.9.0)
    rspec-mocks (3.9.1)
      diff-lcs (>= 1.2.0, < 2.0)
      rspec-support (~> 3.9.0)
    rspec-support (3.9.2)
    thrift (0.11.0.0)

PLATFORMS
  ruby

DEPENDENCIES
  byebug
  racc (= 1.5.0)
  rbhive (~> 1.0.3.pre)
  rspec

BUNDLED WITH
   1.16.6
